GEM
  remote: http://rubygems.org/
  specs:
    builder (3.0.0)
    git (1.2.5)
    hpricot (0.8.4)
    jeweler (1.6.2)
      bundler (~> 1.0)
      git (>= 1.2.5)
      rake
    rack (1.3.0)
    rake (0.9.2)
    rcov (0.9.9)
    rdiscount (1.6.8)
    riot (0.12.4)
      rr
    rr (1.0.2)

PLATFORMS
  ruby

DEPENDENCIES
  builder
  bundler (~> 1.0.0)
  hpricot
  jeweler (~> 1.6.2)
  rack
  rcov
  rdiscount
  riot
