GEM
  remote: https://rubygems.org/
  specs:
    addressable (2.3.2)
    builder (3.0.0)
    capybara (1.1.2)
      mime-types (>= 1.16)
      nokogiri (>= 1.3.3)
      rack (>= 1.0.0)
      rack-test (>= 0.5.4)
      selenium-webdriver (~> 2.0)
      xpath (~> 0.1.4)
    childprocess (0.3.5)
      ffi (~> 1.0, >= 1.0.6)
    diff-lcs (1.1.3)
    ffi (1.1.5)
    fuubar (1.0.0)
      rspec (~> 2.0)
      rspec-instafail (~> 0.2.0)
      ruby-progressbar (~> 0.0.10)
    libwebsocket (0.1.5)
      addressable
    mime-types (1.19)
    multi_json (1.3.6)
    nokogiri (1.5.5)
    rack (1.4.1)
    rack-test (0.6.1)
      rack (>= 1.0)
    rdiscount (1.6.8)
    rspec (2.11.0)
      rspec-core (~> 2.11.0)
      rspec-expectations (~> 2.11.0)
      rspec-mocks (~> 2.11.0)
    rspec-core (2.11.1)
    rspec-expectations (2.11.3)
      diff-lcs (~> 1.1.3)
    rspec-instafail (0.2.4)
    rspec-mocks (2.11.2)
    ruby-progressbar (0.0.10)
    rubyzip (0.9.9)
    selenium-webdriver (2.25.0)
      childprocess (>= 0.2.5)
      libwebsocket (~> 0.1.3)
      multi_json (~> 1.0)
      rubyzip
    xpath (0.1.4)
      nokogiri (~> 1.3)

PLATFORMS
  ruby

DEPENDENCIES
  builder
  capybara
  fuubar
  rdiscount
  rspec
