GEM
  remote: http://rubygems.org/
  specs:
    ZenTest (4.5.0)
    autotest (4.4.6)
      ZenTest (>= 4.4.1)
    autotest-fsevent (0.2.5)
      sys-uname
    autotest-growl (0.2.9)
    builder (3.0.0)
    diff-lcs (1.1.2)
    git (1.2.5)
    hpricot (0.8.4)
    jeweler (1.6.2)
      bundler (~> 1.0)
      git (>= 1.2.5)
      rake
    nokogiri (1.4.5)
    rack (1.3.0)
    rake (0.9.2)
    rcov (0.9.9)
    rdiscount (1.6.8)
    riot (0.12.4)
      rr
    rr (1.0.2)
    rspec (2.6.0)
      rspec-core (~> 2.6.0)
      rspec-expectations (~> 2.6.0)
      rspec-mocks (~> 2.6.0)
    rspec-core (2.6.4)
    rspec-expectations (2.6.0)
      diff-lcs (~> 1.1.2)
    rspec-mocks (2.6.0)
    sys-uname (0.8.5)

PLATFORMS
  ruby

DEPENDENCIES
  autotest
  autotest-fsevent
  autotest-growl
  builder
  bundler (~> 1.0.0)
  hpricot
  jeweler (~> 1.6.2)
  nokogiri
  rack
  rcov
  rdiscount
  riot
  rspec
